GEM
  remote: http://rubygems.org/
  specs:
    rulers (0.1.0)

PLATFORMS
  ruby

DEPENDENCIES
  rulers

BUNDLED WITH
   1.17.0
